PATH
  remote: /Users/ntl/Projects/obsidian/libraries/attribute
  specs:
    attribute (0.0.0)

PATH
  remote: /Users/ntl/Projects/obsidian/libraries/clock
  specs:
    clock (0.0.0)

PATH
  remote: /Users/ntl/Projects/obsidian/libraries/dependency
  specs:
    dependency (0.0.0)
      naught (= 1.0.0)

PATH
  remote: /Users/ntl/Projects/obsidian/libraries/runner
  specs:
    runner (0.0.0)

PATH
  remote: /Users/ntl/Projects/obsidian/libraries/subst-attr
  specs:
    subst_attr (0.0.0)
      naught (= 1.0.0)

PATH
  remote: /Users/ntl/Projects/obsidian/libraries/telemetry-logger
  specs:
    telemetry_logger (0.0.0)
      rainbow

GEM
  remote: https://rubygems.org/
  specs:
    minitest (5.5.1)
    minitest-spec-context (0.0.3)
    naught (1.0.0)
    rainbow (2.0.0)

PLATFORMS
  ruby

DEPENDENCIES
  attribute!
  clock!
  dependency!
  minitest (~> 5.5.0)
  minitest-spec-context (= 0.0.3)
  runner!
  subst_attr!
  telemetry_logger!

BUNDLED WITH
   1.10.6
